GEM
  remote: https://rubygems.org/
  specs:
    aruba (0.5.1)
      childprocess (~> 0.3.6)
      cucumber (>= 1.1.1)
      rspec-expectations (>= 2.7.0)
    bindata (1.4.5)
    builder (3.1.4)
    childprocess (0.3.8)
      ffi (~> 1.0, >= 1.0.11)
    cucumber (1.2.1)
      builder (>= 2.1.2)
      diff-lcs (>= 1.1.3)
      gherkin (~> 2.11.0)
      json (>= 1.4.6)
    diff-lcs (1.1.3)
    ffi (1.3.1)
    gherkin (2.11.6)
      json (>= 1.7.6)
    gli (2.5.4)
    json (1.7.6)
    rake (10.0.3)
    rdoc (3.12.1)
      json (~> 1.4)
    rspec (2.12.0)
      rspec-core (~> 2.12.0)
      rspec-expectations (~> 2.12.0)
      rspec-mocks (~> 2.12.0)
    rspec-core (2.12.2)
    rspec-expectations (2.12.1)
      diff-lcs (~> 1.1.3)
    rspec-mocks (2.12.2)
    ruby-graphviz (1.0.8)
    trema (0.3.14)
      bundler (~> 1.2.3)
      gli (~> 2.5.4)
      rake (~> 10.0.3)
      rdoc (~> 3.12.1)

PLATFORMS
  ruby

DEPENDENCIES
  aruba (~> 0.5.1)
  bindata (~> 1.4.5)
  cucumber (~> 1.2.1)
  gli (~> 2.5.4)
  rspec (~> 2.12.0)
  ruby-graphviz (~> 1.0.8)
  trema (~> 0.3.14)
